GEM
  remote: https://rubygems.org/
  specs:
    git (1.2.9.1)
    mini_portile (0.6.2)
    nokogiri (1.6.6.2)
      mini_portile (~> 0.6.0)
    roo (2.0.1)
      nokogiri (~> 1)
      rubyzip (~> 1.1, < 2.0.0)
    rubyzip (1.1.7)
    thor (0.19.1)

PLATFORMS
  ruby

DEPENDENCIES
  git
  roo
  thor

BUNDLED WITH
   1.10.5
