GEM
  remote: https://rubygems.org/
  specs:
    git (1.2.9.1)
    mini_portile2 (2.1.0)
    nokogiri (1.6.8.1)
      mini_portile2 (~> 2.1.0)
    roo (2.5.1)
      nokogiri (~> 1)
      rubyzip (~> 1.1, < 2.0.0)
    rubyzip (1.2.0)
    thor (0.19.1)

PLATFORMS
  ruby

DEPENDENCIES
  git
  roo
  thor

BUNDLED WITH
   1.13.6
