GEM
  remote: https://rubygems.org/
  specs:
    git (1.3.0)
    mini_portile2 (2.6.1)
    nokogiri (1.12.5)
      mini_portile2 (~> 2.6.1)
      racc (~> 1.4)
    racc (1.5.2)
    roo (2.7.1)
      nokogiri (~> 1)
      rubyzip (~> 1.1, < 2.0.0)
    rubyzip (1.2.0)
    thor (0.19.4)

PLATFORMS
  ruby

DEPENDENCIES
  git
  roo
  thor

BUNDLED WITH
   1.13.6
