GEM
  remote: https://rubygems.org/
  specs:
    git (1.3.0)
    mini_portile2 (2.4.0)
    nokogiri (1.10.5)
      mini_portile2 (~> 2.4.0)
    roo (2.8.2)
      nokogiri (~> 1)
      rubyzip (>= 1.2.1, < 2.0.0)
    rubyzip (1.3.0)
    thor (0.19.4)

PLATFORMS
  ruby

DEPENDENCIES
  git
  roo (>= 2.7.1)
  thor

BUNDLED WITH
   1.17.3
