GEM
  remote: https://rubygems.org/
  specs:
    git (1.3.0)
    mini_portile2 (2.3.0)
    nokogiri (1.8.2)
      mini_portile2 (~> 2.3.0)
    roo (2.7.1)
      nokogiri (~> 1)
      rubyzip (~> 1.1, < 2.0.0)
    rubyzip (1.2.1)
    thor (0.19.4)

PLATFORMS
  ruby

DEPENDENCIES
  git
  roo (>= 2.7.1)
  thor

BUNDLED WITH
   1.16.1
